GEM
  remote: http://rubygems.org/
  specs:
    activesupport (3.0.3)
    barista (1.0.0)
      coffee-script (~> 2.1.1)
    coffee-script (2.1.1)
      coffee-script-source
    coffee-script-source (1.0.0)
    haml (3.0.23)
    i18n (0.4.2)
    json (1.4.6)
    rack (1.2.1)
    serve (1.0.0)
      activesupport (~> 3.0.1)
      i18n (~> 0.4.1)
      rack (~> 1.2.1)
      tzinfo (~> 0.3.23)
    shuriken (0.2.1)
    tzinfo (0.3.23)
    youthtree-js (0.4.1)

PLATFORMS
  ruby

DEPENDENCIES
  barista
  haml
  json
  serve
  shuriken
  youthtree-js
